GEM
  remote: https://rubygems.org/
  specs:
    ruby-progressbar (1.9.0)

PLATFORMS
  ruby

DEPENDENCIES
  ruby-progressbar

BUNDLED WITH
   1.16.0
